GEM
  remote: https://rubygems.org/
  specs:
    RedCloth (4.2.9)
    backports (3.4.0)
    blankslate (2.1.2.4)
    classifier (1.3.4)
      fast-stemmer (>= 1.0.0)
    colorator (0.1)
    commander (4.1.5)
      highline (~> 1.6.11)
    diff-lcs (1.2.4)
    fast-stemmer (1.0.2)
    ffi (1.9.3)
    github-pages (14)
      RedCloth (= 4.2.9)
      jekyll (= 1.4.3)
      kramdown (= 1.3.1)
      liquid (= 2.5.5)
      maruku (= 0.7.0)
      rdiscount (= 2.1.7)
      redcarpet (= 2.3.0)
    grit (2.5.0)
      diff-lcs (~> 1.1)
      mime-types (~> 1.15)
      posix-spawn (~> 0.3.6)
    highline (1.6.20)
    jekyll (1.4.3)
      classifier (~> 1.3)
      colorator (~> 0.1)
      commander (~> 4.1.3)
      liquid (~> 2.5.5)
      listen (~> 1.3)
      maruku (~> 0.7.0)
      pygments.rb (~> 0.5.0)
      redcarpet (~> 2.3.0)
      safe_yaml (~> 0.9.7)
      toml (~> 0.1.0)
    json (1.8.0)
    kramdown (1.3.1)
    liquid (2.5.5)
    listen (1.3.1)
      rb-fsevent (>= 0.9.3)
      rb-inotify (>= 0.9)
      rb-kqueue (>= 0.2)
    maruku (0.7.0)
    mime-types (1.25.1)
    multi_json (1.8.2)
    mustache (0.99.5)
    pagoda-jekyll (0.0.11)
      grit
      jekyll
      json
      sinatra
      sinatra-mustache
      sinatra-reloader
      stringex
    parslet (1.5.0)
      blankslate (~> 2.0)
    posix-spawn (0.3.8)
    pygments.rb (0.5.4)
      posix-spawn (~> 0.3.6)
      yajl-ruby (~> 1.1.0)
    rack (1.5.2)
    rack-protection (1.5.2)
      rack
    rack-test (0.6.2)
      rack (>= 1.0)
    rb-fsevent (0.9.4)
    rb-inotify (0.9.3)
      ffi (>= 0.5.0)
    rb-kqueue (0.2.0)
      ffi (>= 0.5.0)
    rdiscount (2.1.7)
    redcarpet (2.3.0)
    safe_yaml (0.9.7)
    sinatra (1.4.4)
      rack (~> 1.4)
      rack-protection (~> 1.4)
      tilt (~> 1.3, >= 1.3.4)
    sinatra-contrib (1.4.2)
      backports (>= 2.0)
      multi_json
      rack-protection
      rack-test
      sinatra (~> 1.4.0)
      tilt (~> 1.3)
    sinatra-mustache (0.3.1)
      mustache (~> 0.99)
      sinatra (~> 1.4, ~> 1.3)
      tilt (>= 1.3, <= 2.0)
    sinatra-reloader (1.0)
      sinatra-contrib
    stringex (2.1.2)
    tilt (1.4.1)
    toml (0.1.0)
      parslet (~> 1.5.0)
    yajl-ruby (1.1.0)

PLATFORMS
  ruby

DEPENDENCIES
  github-pages
  pagoda-jekyll
